GIT
  remote: https://github.com/bachue/rack-contrib.git
  revision: f5f4ffebc20277903f6013adfb0429d12b4a3050
  specs:
    rack-contrib (1.2.0)
      rack (>= 0.9.1)

GEM
  remote: https://rubygems.org/
  specs:
    RedCloth (4.2.9)
    activemodel (4.0.2)
      activesupport (= 4.0.2)
      builder (~> 3.1.0)
    activerecord (4.0.2)
      activemodel (= 4.0.2)
      activerecord-deprecated_finders (~> 1.0.2)
      activesupport (= 4.0.2)
      arel (~> 4.0.0)
    activerecord-deprecated_finders (1.0.3)
    activesupport (4.0.2)
      i18n (~> 0.6, >= 0.6.4)
      minitest (~> 4.2)
      multi_json (~> 1.3)
      thread_safe (~> 0.1)
      tzinfo (~> 0.3.37)
    arel (4.0.1)
    atomic (1.1.14)
    axiom-types (0.0.5)
      descendants_tracker (~> 0.0.1)
      ice_nine (~> 0.9)
    builder (3.1.4)
    byebug (2.5.0)
      columnize (~> 0.3.6)
      debugger-linecache (~> 1.2.0)
    celluloid (0.15.2)
      timers (~> 1.1.0)
    coderay (1.1.0)
    coercible (1.0.0)
      descendants_tracker (~> 0.0.1)
    columnize (0.3.6)
    connection_pool (1.2.0)
    debugger-linecache (1.2.0)
    descendants_tracker (0.0.3)
    dotenv (0.9.0)
    equalizer (0.0.9)
    escape (0.0.4)
    foreman (0.63.0)
      dotenv (>= 0.7)
      thor (>= 0.13.6)
    github-markdown (0.6.3)
    grape (0.6.1)
      activesupport
      builder
      hashie (>= 1.2.0)
      multi_json (>= 1.3.2)
      multi_xml (>= 0.5.2)
      rack (>= 1.3.0)
      rack-accept
      rack-mount
      virtus (>= 1.0.0)
    grape-entity (0.3.0)
      activesupport
      multi_json (>= 1.3.2)
    hashie (2.0.5)
    i18n (0.6.9)
    ice_nine (0.11.0)
    json (1.8.1)
    method_source (0.8.2)
    minitest (4.7.5)
    mock_redis (0.11.0)
    multi_json (1.8.4)
    multi_xml (0.5.5)
    nokogiri (1.5.6)
    pry (0.9.12.4)
      coderay (~> 1.0)
      method_source (~> 0.8)
      slop (~> 3.4)
    pry-byebug (1.2.1)
      byebug (~> 2.2)
      pry (~> 0.9.12)
    pry-doc (0.5.1)
      pry (>= 0.9)
      yard (>= 0.8)
    puma (2.6.0)
      rack (>= 1.1, < 2.0)
    rack (1.5.2)
    rack-accept (0.4.5)
      rack (>= 0.4)
    rack-accept-media-types (0.9)
    rack-mount (0.8.3)
      rack (>= 1.0.0)
    rake (10.1.0)
    redis (3.0.7)
    redis-namespace (1.4.1)
      redis (~> 3.0.4)
    sidekiq (2.17.6)
      celluloid (>= 0.15.2)
      connection_pool (>= 1.0.0)
      json
      redis (>= 3.0.6)
      redis-namespace (>= 1.3.1)
    sidekiq-unique-jobs (2.7.1)
      mock_redis
      sidekiq (~> 2.6)
    slop (3.4.7)
    sqlite3 (1.3.8)
    thor (0.18.1)
    thread_safe (0.1.3)
      atomic
    timers (1.1.0)
    tzinfo (0.3.38)
    virtus (1.0.1)
      axiom-types (~> 0.0.5)
      coercible (~> 1.0)
      descendants_tracker (~> 0.0.1)
      equalizer (~> 0.0.7)
    yard (0.8.7.3)

PLATFORMS
  ruby

DEPENDENCIES
  RedCloth
  activerecord
  builder (~> 3.1.0)
  escape
  foreman
  github-markdown
  grape
  grape-entity
  nokogiri
  pry
  pry-byebug
  pry-doc
  puma
  rack-accept-media-types
  rack-contrib!
  rake
  sidekiq-unique-jobs
  sqlite3
